PATH
  remote: .
  specs:
    rack-webconsole-telcat (0.1.4.2)
      multi_json (= 1.7.9)
      rack (= 1.5.2)
      ripl (= 0.7.0)
      ripl-multi_line (= 0.3.1)

GEM
  remote: http://rubygems.org/
  specs:
    bluecloth (2.2.0)
    bond (0.4.3)
    builder (3.2.2)
    diff-lcs (1.2.5)
    geminabox (0.12.2)
      builder
      httpclient (>= 2.2.7)
      nesty
      sinatra (>= 1.2.7)
    httpclient (2.3.4.1)
    metaclass (0.0.2)
    minitest (2.2.0)
    mocha (0.14.0)
      metaclass (~> 0.0.1)
    multi_json (1.7.9)
    nesty (1.0.2)
    purdytest (1.0.0)
      minitest (~> 2.2)
    rack (1.5.2)
    rack-protection (1.5.2)
      rack
    rake (10.1.1)
    ripl (0.7.0)
      bond (~> 0.4.2)
    ripl-multi_line (0.3.1)
      ripl (>= 0.3.6)
    rspec (2.14.1)
      rspec-core (~> 2.14.0)
      rspec-expectations (~> 2.14.0)
      rspec-mocks (~> 2.14.0)
    rspec-core (2.14.7)
    rspec-expectations (2.14.5)
      diff-lcs (>= 1.1.3, < 2.0)
    rspec-mocks (2.14.5)
    sinatra (1.4.4)
      rack (~> 1.4)
      rack-protection (~> 1.4)
      tilt (~> 1.3, >= 1.3.4)
    tilt (1.4.1)
    yard (0.8.7.3)

PLATFORMS
  ruby

DEPENDENCIES
  bluecloth (= 2.2.0)
  geminabox (= 0.12.2)
  minitest (= 2.2.0)
  mocha (= 0.14.0)
  purdytest (= 1.0.0)
  rack-webconsole-telcat!
  rake (= 10.1.1)
  rspec (= 2.14.1)
  yard (= 0.8.7.3)
