PATH
  remote: .
  specs:
    rack-webconsole-telcat (0.1.4)
      multi_json
      rack
      ripl (~> 0.5.1)
      ripl-multi_line (~> 0.3.0)

GEM
  remote: http://rubygems.org/
  specs:
    bluecloth (2.2.0)
    bond (0.4.3)
    builder (3.2.2)
    geminabox (0.11.0)
      builder
      httpclient (>= 2.2.7)
      sinatra
    httpclient (2.3.4.1)
    metaclass (0.0.1)
    minitest (2.12.1)
    mocha (0.14.0)
      metaclass (~> 0.0.1)
    multi_json (1.7.9)
    purdytest (1.0.0)
      minitest (~> 2.2)
    rack (1.5.2)
    rack-protection (1.5.0)
      rack
    rake (10.1.0)
    ripl (0.5.1)
      bond (~> 0.4.0)
    ripl-multi_line (0.3.1)
      ripl (>= 0.3.6)
    sinatra (1.4.3)
      rack (~> 1.4)
      rack-protection (~> 1.4)
      tilt (~> 1.3, >= 1.3.4)
    tilt (1.4.1)
    yard (0.8.7)

PLATFORMS
  ruby

DEPENDENCIES
  bluecloth
  geminabox
  minitest
  mocha
  purdytest
  rack-webconsole-telcat!
  rake
  yard
